GEM
  remote: http://rubygems.org/
  specs:
    getopt (1.4.1)
    git (1.2.5)
    jeweler (1.6.4)
      bundler (~> 1.0)
      git (>= 1.2.5)
      rake
    rake (0.9.2.2)
    rcov (0.9.11)
    rpeg-multimarkdown (0.1.1)
    shoulda (2.11.3)

PLATFORMS
  ruby

DEPENDENCIES
  bundler (~> 1.0.0)
  getopt (~> 1.4.1)
  jeweler (~> 1.6.4)
  rcov
  rpeg-multimarkdown (~> 0.1.1)
  shoulda
